PATH
  remote: .
  specs:
    all_futures (1.0.3)
      activeentity (>= 6.3)
      activemodel (>= 4.0)
      activerecord (>= 4.0)
      activesupport (>= 4.0)
      kredis (~> 1.0)
      ulid (~> 1.3)

GEM
  remote: https://rubygems.org/
  specs:
    actionpack (6.1.7.1)
      actionview (= 6.1.7.1)
      activesupport (= 6.1.7.1)
      rack (~> 2.0, >= 2.0.9)
      rack-test (>= 0.6.3)
      rails-dom-testing (~> 2.0)
      rails-html-sanitizer (~> 1.0, >= 1.2.0)
    actionview (6.1.7.1)
      activesupport (= 6.1.7.1)
      builder (~> 3.1)
      erubi (~> 1.4)
      rails-dom-testing (~> 2.0)
      rails-html-sanitizer (~> 1.1, >= 1.2.0)
    activeentity (6.3.0)
      activemodel (>= 6.0, < 8)
      activesupport (>= 6.0, < 8)
    activemodel (6.1.7.1)
      activesupport (= 6.1.7.1)
    activerecord (6.1.7.1)
      activemodel (= 6.1.7.1)
      activesupport (= 6.1.7.1)
    activesupport (6.1.7.1)
      concurrent-ruby (~> 1.0, >= 1.0.2)
      i18n (>= 1.6, < 2)
      minitest (>= 5.1)
      tzinfo (~> 2.0)
      zeitwerk (~> 2.3)
    ast (2.4.2)
    builder (3.2.4)
    byebug (11.1.3)
    coderay (1.1.3)
    concurrent-ruby (1.3.5)
    connection_pool (2.5.3)
    crass (1.0.6)
    erubi (1.10.0)
    i18n (1.14.7)
      concurrent-ruby (~> 1.0)
    kredis (1.3.0.1)
      activesupport (>= 6.0.0)
      redis (>= 4.2, < 6)
    loofah (2.24.1)
      crass (~> 1.0.2)
      nokogiri (>= 1.12.0)
    magic_frozen_string_literal (1.2.0)
    method_source (1.0.0)
    minitest (5.25.5)
    nokogiri (1.18.8-x86_64-linux-gnu)
      racc (~> 1.4)
    parallel (1.21.0)
    parser (3.0.3.2)
      ast (~> 2.4.1)
    pry (0.13.1)
      coderay (~> 1.1)
      method_source (~> 1.0)
    racc (1.8.1)
    rack (2.2.14)
    rack-test (1.1.0)
      rack (>= 1.0, < 3)
    rails-dom-testing (2.0.3)
      activesupport (>= 4.2.0)
      nokogiri (>= 1.6)
    rails-html-sanitizer (1.4.4)
      loofah (~> 2.19, >= 2.19.1)
    railties (6.1.7.1)
      actionpack (= 6.1.7.1)
      activesupport (= 6.1.7.1)
      method_source
      rake (>= 12.2)
      thor (~> 1.0)
    rainbow (3.0.0)
    rake (13.0.6)
    redis (5.4.0)
      redis-client (>= 0.22.0)
    redis-client (0.24.0)
      connection_pool
    regexp_parser (2.2.0)
    rexml (3.3.9)
    rubocop (1.23.0)
      parallel (~> 1.10)
      parser (>= 3.0.0.0)
      rainbow (>= 2.2.2, < 4.0)
      regexp_parser (>= 1.8, < 3.0)
      rexml
      rubocop-ast (>= 1.12.0, < 2.0)
      ruby-progressbar (~> 1.7)
      unicode-display_width (>= 1.4.0, < 3.0)
    rubocop-ast (1.15.0)
      parser (>= 3.0.1.1)
    rubocop-performance (1.12.0)
      rubocop (>= 1.7.0, < 2.0)
      rubocop-ast (>= 0.4.0)
    ruby-progressbar (1.11.0)
    ruby_jard (0.3.1)
      byebug (>= 9.1, < 12.0)
      pry (~> 0.13.0)
      tty-screen (~> 0.8.1)
    standard (1.5.0)
      rubocop (= 1.23.0)
      rubocop-performance (= 1.12.0)
    standardrb (1.0.0)
      standard
    thor (1.1.0)
    tty-screen (0.8.1)
    tzinfo (2.0.6)
      concurrent-ruby (~> 1.0)
    ulid (1.3.0)
    unicode-display_width (2.1.0)
    zeitwerk (2.7.3)

PLATFORMS
  x86_64-linux

DEPENDENCIES
  all_futures!
  magic_frozen_string_literal (~> 1.2.0)
  railties (>= 4.0)
  rake (~> 13.0, >= 13.0.3)
  ruby_jard (~> 0.3)
  standardrb (~> 1.0)

BUNDLED WITH
   2.2.32
